GEM
  remote: http://rubygems.org/
  specs:
    mocha (0.9.8)
      rake
    rake (0.8.7)

PLATFORMS
  ruby

DEPENDENCIES
  mocha (= 0.9.8)
  rake (= 0.8.7)
